GIT
  remote: git@github.com:mathieugagne/berlin-ai.git
  revision: 8a772477c291e6e49acf23383b82c7b7af1abdf3
  specs:
    berlin-ai (0.0.39)
      rainbow (~> 1.1.4)
      ruby-terminfo
      sinatra (= 1.4.3)
      sinatra-contrib (= 1.4.1)
      thin (= 1.5.1)
      yajl-ruby (= 1.1.0)

GEM
  remote: https://rubygems.org/
  specs:
    backports (3.24.1)
    daemons (1.4.1)
    eventmachine (1.2.7)
    multi_json (1.15.0)
    rack (1.6.4)
    rack-protection (1.5.5)
      rack
    rack-test (0.6.3)
      rack (>= 1.0)
    rainbow (1.1.4)
    ruby-terminfo (0.1.1)
    sinatra (1.4.3)
      rack (~> 1.4)
      rack-protection (~> 1.4)
      tilt (~> 1.3, >= 1.3.4)
    sinatra-contrib (1.4.1)
      backports (>= 2.0)
      multi_json
      rack-protection
      rack-test
      sinatra (~> 1.4.0)
      tilt (~> 1.3)
    thin (1.5.1)
      daemons (>= 1.0.9)
      eventmachine (>= 0.12.6)
      rack (>= 1.0.0)
    tilt (1.4.1)
    yajl-ruby (1.1.0)

PLATFORMS
  ruby

DEPENDENCIES
  berlin-ai!
  rack-test (= 0.6.3)
